PATH
  remote: .
  specs:
    cirneco (0.9.28)
      activesupport (>= 4.2.5)
      base32-url (~> 0.5)
      bergamasco (~> 0.3)
      bolognese (~> 0.9)
      builder (~> 3.2, >= 3.2.2)
      dotenv (~> 2.1, >= 2.1.1)
      maremma (>= 4.1)
      nokogiri (~> 1.8)
      thor (>= 0.19)

GEM
  remote: https://rubygems.org/
  specs:
    activesupport (5.2.4.5)
      concurrent-ruby (~> 1.0, >= 1.0.2)
      i18n (>= 0.7, < 2)
      minitest (~> 5.1)
      tzinfo (~> 1.1)
    addressable (2.7.0)
      public_suffix (>= 2.0.2, < 5.0)
    base32-url (0.5)
    benchmark_methods (0.7)
    bergamasco (0.3.17)
      activesupport (>= 4.2.5, < 6)
      addressable (>= 2.3.6)
      builder (~> 3.2, >= 3.2.2)
      loofah (~> 2.0, >= 2.0.3)
      multi_json (~> 1.12)
      nokogiri (~> 1.6, >= 1.6.8)
      oj (>= 2.8.3)
      pandoc-ruby (~> 2.0, >= 2.0.0)
      safe_yaml (~> 1.0, >= 1.0.4)
    bibtex-ruby (4.4.7)
      latex-decode (~> 0.0)
    bolognese (0.15.9)
      activesupport (>= 4.2.5, < 6)
      benchmark_methods (~> 0.7)
      bibtex-ruby (~> 4.1)
      builder (~> 3.2, >= 3.2.2)
      citeproc-ruby (~> 1.1, >= 1.1.10)
      colorize (~> 0.8.1)
      csl-styles (~> 1.0, >= 1.0.1.8)
      edtf (~> 3.0, >= 3.0.4)
      gender_detector (~> 0.1.2)
      iso8601 (~> 0.9.1)
      json-ld (~> 2.1, >= 2.1.2)
      jsonlint (~> 0.2.0)
      loofah (~> 2.0, >= 2.0.3)
      maremma (>= 3.5.7, < 5)
      namae (~> 1.0)
      nokogiri (~> 1.8.1)
      oj (>= 2.8.3)
      postrank-uri (~> 1.0, >= 1.0.18)
      rdf-rdfxml (~> 2.0)
      rdf-turtle (~> 2.2)
      thor (~> 0.19)
    builder (3.2.4)
    citeproc (1.0.10)
      namae (~> 1.0)
    citeproc-ruby (1.1.13)
      citeproc (~> 1.0, >= 1.0.9)
      csl (~> 1.5)
    codeclimate-test-reporter (1.0.7)
      simplecov
    colorize (0.8.1)
    concurrent-ruby (1.1.8)
    crack (0.4.5)
      rexml
    crass (1.0.6)
    csl (1.5.2)
      namae (~> 1.0)
    csl-styles (1.0.1.10)
      csl (~> 1.0)
    diff-lcs (1.4.4)
    docile (1.1.5)
    dotenv (2.7.6)
    ebnf (1.2.0)
      rdf (~> 3.1)
      sxp (~> 1.1)
    edtf (3.0.6)
      activesupport (>= 3.0, < 7.0)
    excon (0.62.0)
    faraday (0.14.0)
      multipart-post (>= 1.2, < 3)
    faraday-encoding (0.0.5)
      faraday
    faraday_middleware (0.12.2)
      faraday (>= 0.7.4, < 1.0)
    gender_detector (0.1.2)
      unicode_utils (>= 1.3.0)
    haml (5.2.1)
      temple (>= 0.8.0)
      tilt
    hamster (3.0.0)
      concurrent-ruby (~> 1.0)
    hashdiff (1.0.1)
    htmlentities (4.3.4)
    i18n (1.8.9)
      concurrent-ruby (~> 1.0)
    iso8601 (0.9.1)
    json (2.5.1)
    json-ld (2.2.1)
      multi_json (~> 1.12)
      rdf (>= 2.2.8, < 4.0)
    jsonlint (0.2.0)
      oj (~> 2)
      trollop (~> 2)
    latex-decode (0.3.2)
    link_header (0.0.8)
    loofah (2.9.0)
      crass (~> 1.0.2)
      nokogiri (>= 1.5.9)
    maremma (4.2.6)
      activesupport (>= 4.2.5, < 6)
      addressable (>= 2.3.6)
      builder (~> 3.2, >= 3.2.2)
      excon (~> 0.60, < 0.63)
      faraday (~> 0.14, < 0.15)
      faraday-encoding (~> 0.0.4)
      faraday_middleware (~> 0.12.0)
      multi_json (~> 1.12)
      nokogiri (~> 1.8.1)
      oj (>= 2.8.3)
    mini_portile2 (2.3.0)
    minitest (5.14.4)
    multi_json (1.15.0)
    multipart-post (2.1.1)
    namae (1.0.2)
    nokogiri (1.8.5)
      mini_portile2 (~> 2.3.0)
    oj (2.18.5)
    pandoc-ruby (2.1.4)
    postrank-uri (1.0.24)
      addressable (>= 2.4.0)
      nokogiri (>= 1.8.0)
      public_suffix (>= 2.0.0, < 2.1)
    public_suffix (2.0.5)
    rack (2.2.3)
    rack-test (0.8.3)
      rack (>= 1.0, < 3)
    rake (12.3.3)
    rdf (3.1.13)
      hamster (~> 3.0)
      link_header (~> 0.0, >= 0.0.8)
    rdf-aggregate-repo (3.1.0)
      rdf (~> 3.1)
    rdf-rdfa (3.1.3)
      haml (~> 5.2)
      htmlentities (~> 4.3)
      rdf (~> 3.1, >= 3.1.13)
      rdf-aggregate-repo (~> 3.1)
      rdf-vocab (~> 3.1, >= 3.1.11)
      rdf-xsd (~> 3.1)
    rdf-rdfxml (2.2.1)
      htmlentities (~> 4.3)
      rdf (>= 2.2, < 4.0)
      rdf-rdfa (>= 2.2, < 4.0)
      rdf-xsd (>= 2.2, < 4.0)
    rdf-turtle (2.2.2)
      ebnf (~> 1.1)
      rdf (>= 2.2, < 4.0)
    rdf-vocab (3.1.12)
      rdf (~> 3.1, >= 3.1.12)
    rdf-xsd (3.1.1)
      rdf (~> 3.1)
      rexml (~> 3.2)
    rexml (3.2.4)
    rspec (3.10.0)
      rspec-core (~> 3.10.0)
      rspec-expectations (~> 3.10.0)
      rspec-mocks (~> 3.10.0)
    rspec-core (3.10.1)
      rspec-support (~> 3.10.0)
    rspec-expectations (3.10.1)
      diff-lcs (>= 1.2.0, < 2.0)
      rspec-support (~> 3.10.0)
    rspec-mocks (3.10.2)
      diff-lcs (>= 1.2.0, < 2.0)
      rspec-support (~> 3.10.0)
    rspec-support (3.10.2)
    rspec-xsd (0.1.0)
      nokogiri (~> 1.6)
      rspec (~> 3)
    safe_yaml (1.0.5)
    simplecov (0.14.1)
      docile (~> 1.1.0)
      json (>= 1.8, < 3)
      simplecov-html (~> 0.10.0)
    simplecov-html (0.10.2)
    sxp (1.1.0)
      rdf (~> 3.1)
    temple (0.8.2)
    thor (0.20.3)
    thread_safe (0.3.6)
    tilt (2.0.10)
    trollop (2.9.10)
    tzinfo (1.2.9)
      thread_safe (~> 0.1)
    unicode_utils (1.4.0)
    vcr (3.0.3)
    webmock (3.12.1)
      addressable (>= 2.3.6)
      crack (>= 0.3.2)
      hashdiff (>= 0.4.0, < 2.0.0)

PLATFORMS
  ruby

DEPENDENCIES
  bundler (~> 2.2.7)
  cirneco!
  codeclimate-test-reporter (~> 1.0, >= 1.0.0)
  rack-test (~> 0)
  rake (~> 12.0)
  rspec (~> 3.4)
  rspec-xsd (~> 0.1.0)
  simplecov (~> 0.14.1)
  vcr (~> 3.0, >= 3.0.3)
  webmock (~> 3.0, >= 3.0.1)

BUNDLED WITH
   2.2.8
